GEM
  remote: http://rubygems.org/
  specs:
    ansi (1.4.3)
    minitest (5.0.6)
    minitest-ansi (0.1.2)
      ansi (~> 1.3)
      minitest (>= 2.5)
    minitest-emoji (1.0.0)
    rake (10.1.0)

PLATFORMS
  ruby

DEPENDENCIES
  minitest
  minitest-ansi
  minitest-emoji
  rake
